GEM
  remote: https://rubygems.org/
  specs:
    iso8601 (0.13.0)
    mustermann (3.0.0)
      ruby2_keywords (~> 0.0.1)
    rack (2.2.6.4)
    rack-protection (3.0.6)
      rack
    rack-test (2.1.0)
      rack (>= 1.3)
    rake (13.0.6)
    ruby2_keywords (0.0.5)
    sinatra (3.0.6)
      mustermann (~> 3.0)
      rack (~> 2.2, >= 2.2.4)
      rack-protection (= 3.0.6)
      tilt (~> 2.0)
    sinatra-cross_origin (0.4.0)
    tilt (2.1.0)

PLATFORMS
  x86_64-linux

DEPENDENCIES
  iso8601
  rack-test
  rake
  sinatra
  sinatra-cross_origin

BUNDLED WITH
   2.3.5
